GEM
  remote: http://rubygems.org/
  specs:
    metaclass (0.0.4)
    minitest (5.5.1)
    mocha (1.1.0)
      metaclass (~> 0.0.1)
    rake (10.4.2)
    rdoc (4.2.0)

PLATFORMS
  ruby

DEPENDENCIES
  minitest
  mocha (~> 1.1.0)
  rake
  rdoc (~> 4.2.0)

BUNDLED WITH
   1.10.6
